GEM
  remote: http://rubygems.org/
  specs:
    mustermann (2.0.2)
      ruby2_keywords (~> 0.0.1)
    pg (1.4.3)
    rack (2.2.4)
    rack-protection (2.2.2)
      rack
    ruby2_keywords (0.0.5)
    sinatra (2.2.2)
      mustermann (~> 2.0)
      rack (~> 2.2)
      rack-protection (= 2.2.2)
      tilt (~> 2.0)
    tilt (2.0.11)
    yaml (0.2.0)

PLATFORMS
  ruby

DEPENDENCIES
  pg (~> 1.4)
  sinatra (~> 2.2)
  yaml (~> 0.2.0)

BUNDLED WITH
   1.17.2
